GEM
  remote: https://rubygems.org/
  specs:
    backports (3.11.1)
    byebug (10.0.0)
    coderay (1.1.2)
    digest (0.0.1)
    haml (5.0.4)
      temple (>= 0.8.0)
      tilt
    method_source (0.9.0)
    multi_json (1.13.1)
    mustermann (1.0.2)
    mysql2 (0.5.0)
    pry (0.11.3)
      coderay (~> 1.1.0)
      method_source (~> 0.9.0)
    pry-byebug (3.6.0)
      byebug (~> 10.0)
      pry (~> 0.10)
    rack (2.0.4)
    rack-protection (2.0.1)
      rack
    sequel (5.6.0)
    sinatra (2.0.1)
      mustermann (~> 1.0)
      rack (~> 2.0)
      rack-protection (= 2.0.1)
      tilt (~> 2.0)
    sinatra-contrib (2.0.1)
      backports (>= 2.0)
      multi_json
      mustermann (~> 1.0)
      rack-protection (= 2.0.1)
      sinatra (= 2.0.1)
      tilt (>= 1.3, < 3)
    sinatra-reloader (1.0)
      sinatra-contrib
    temple (0.8.0)
    tilt (2.0.8)

PLATFORMS
  ruby

DEPENDENCIES
  bundler (= 1.16.1)
  digest
  haml (= 5.0.4)
  mysql2 (= 0.5.0)
  pry (= 0.11.3)
  pry-byebug (= 3.6.0)
  sequel (= 5.6.0)
  sinatra (= 2.0.1)
  sinatra-reloader

BUNDLED WITH
   1.16.1
